GIT
  remote: git://github.com/cecomp64/sport.db.ruby.git
  revision: bc5d0e68c3b7268f88f87a7049037c52a3945dd8
  branch: master
  specs:
    sportdb_cecomp64 (2.0.0)
      activerecord
      activerecord-utils
      fetcher (>= 0.3)
      gli (>= 2.5.6)
      logutils
      persondb
      props
      tagutils
      textutils
      worlddb (>= 2.0.2)

GIT
  remote: https://github.com/openfootball/major-league-soccer.git
  revision: aa19ec928b377c2341c5cc124497008eaa5ca38c
  specs:
    major-league-soccer-data (9.9.9)

GIT
  remote: https://github.com/openmundi/world.db.git
  revision: fa67418028e8a9df7ae2bcab3ea6a7a9b89a9f65
  specs:
    worlddb-data (9.9.9)

GIT
  remote: https://github.com/sportlogos/football.db.logos.ruby.git
  revision: 23b39b269966583e0b2adc6354b9c9f7bce7e4fe
  branch: gh-pages
  specs:
    footballdb-logos (0.1.0)

GIT
  remote: https://github.com/sportlogos/sport.db.logos.ruby.git
  revision: dcef9a88c6a36539d24243b6ebef63fb804c5b9b
  branch: gh-pages
  specs:
    sportdb-logos (0.1.0)

GEM
  remote: https://rubygems.org/
  specs:
    actionmailer (4.0.0)
      actionpack (= 4.0.0)
      mail (~> 2.5.3)
    actionpack (4.0.0)
      activesupport (= 4.0.0)
      builder (~> 3.1.0)
      erubis (~> 2.7.0)
      rack (~> 1.5.2)
      rack-test (~> 0.6.2)
    activemodel (4.0.0)
      activesupport (= 4.0.0)
      builder (~> 3.1.0)
    activerecord (4.0.0)
      activemodel (= 4.0.0)
      activerecord-deprecated_finders (~> 1.0.2)
      activesupport (= 4.0.0)
      arel (~> 4.0.0)
    activerecord-deprecated_finders (1.0.3)
    activerecord-utils (0.2.0)
      logutils
    activesupport (4.0.0)
      i18n (~> 0.6, >= 0.6.4)
      minitest (~> 4.2)
      multi_json (~> 1.3)
      thread_safe (~> 0.1)
      tzinfo (~> 0.3.37)
    arel (4.0.2)
    builder (3.1.4)
    byebug (3.4.0)
      columnize (~> 0.8)
      debugger-linecache (~> 1.2)
      slop (~> 3.6)
    coffee-rails (4.0.1)
      coffee-script (>= 2.2.0)
      railties (>= 4.0.0, < 5.0)
    coffee-script (2.3.0)
      coffee-script-source
      execjs
    coffee-script-source (1.8.0)
    columnize (0.8.9)
    debugger-linecache (1.2.0)
    erubis (2.7.0)
    execjs (2.2.1)
    fetcher (0.4.3)
      logutils (>= 0.6)
    gli (2.12.1)
    hike (1.2.3)
    i18n (0.6.11)
    jbuilder (1.5.3)
      activesupport (>= 3.0.0)
      multi_json (>= 1.2.0)
    jquery-rails (3.1.2)
      railties (>= 3.0, < 5.0)
      thor (>= 0.14, < 2.0)
    json (1.8.1)
    kaminari (0.16.1)
      actionpack (>= 3.0.0)
      activesupport (>= 3.0.0)
    logutils (0.6.0)
    mail (2.5.4)
      mime-types (~> 1.16)
      treetop (~> 1.4.8)
    mime-types (1.25.1)
    minitest (4.7.5)
    multi_json (1.10.1)
    persondb (0.3.1)
      activerecord
      activerecord-utils
      logutils
      props
      tagutils
      textutils
      worlddb
    pg (0.15.1)
    polyglot (0.3.5)
    props (1.1.1)
    rack (1.5.2)
    rack-protection (1.5.3)
      rack
    rack-test (0.6.2)
      rack (>= 1.0)
    rails (4.0.0)
      actionmailer (= 4.0.0)
      actionpack (= 4.0.0)
      activerecord (= 4.0.0)
      activesupport (= 4.0.0)
      bundler (>= 1.3.0, < 2.0)
      railties (= 4.0.0)
      sprockets-rails (~> 2.0.0)
    railties (4.0.0)
      actionpack (= 4.0.0)
      activesupport (= 4.0.0)
      rake (>= 0.8.7)
      thor (>= 0.18.1, < 2.0)
    rake (10.3.2)
    rdoc (4.1.2)
      json (~> 1.4)
    sass (3.2.19)
    sass-rails (4.0.3)
      railties (>= 4.0.0, < 5.0)
      sass (~> 3.2.0)
      sprockets (~> 2.8, <= 2.11.0)
      sprockets-rails (~> 2.0)
    sdoc (0.4.1)
      json (~> 1.7, >= 1.7.7)
      rdoc (~> 4.0)
    sinatra (1.4.5)
      rack (~> 1.4)
      rack-protection (~> 1.4)
      tilt (~> 1.3, >= 1.3.4)
    slop (3.6.0)
    sportdb-admin (0.3.0)
    sprockets (2.11.0)
      hike (~> 1.2)
      multi_json (~> 1.0)
      rack (~> 1.0)
      tilt (~> 1.1, != 1.3.0)
    sprockets-rails (2.0.1)
      actionpack (>= 3.0)
      activesupport (>= 3.0)
      sprockets (~> 2.8)
    sqlite3 (1.3.9)
    tagutils (0.2.2)
      activerecord
      logutils (>= 0.6)
    textutils (0.9.4)
      activesupport
      logutils (~> 0.5)
      props
    thor (0.19.1)
    thread_safe (0.3.4)
    tilt (1.4.1)
    treetop (1.4.15)
      polyglot
      polyglot (>= 0.3.1)
    turbolinks (2.3.0)
      coffee-rails
    tzinfo (0.3.41)
    uglifier (2.5.3)
      execjs (>= 0.3.0)
      json (>= 1.8.0)
    worlddb (2.0.4)
      activerecord
      gli (>= 2.9)
      logutils
      props
      tagutils
      textutils (>= 0.9.4)
    worlddb-flags (0.1.0)

PLATFORMS
  ruby

DEPENDENCIES
  byebug
  coffee-rails (~> 4.0.0)
  footballdb-logos (= 0.1.0)!
  jbuilder (~> 1.2)
  jquery-rails
  kaminari
  major-league-soccer-data (= 9.9.9)!
  pg (= 0.15.1)
  rails (= 4.0.0)
  sass-rails (~> 4.0.0)
  sdoc
  sinatra
  sportdb-admin
  sportdb-logos (= 0.1.0)!
  sportdb_cecomp64!
  sqlite3
  turbolinks
  uglifier (>= 1.3.0)
  worlddb-data (= 9.9.9)!
  worlddb-flags (= 0.1.0)
